GEM
  remote: https://rubygems.org/
  specs:
    addressable (2.5.0)
      public_suffix (~> 2.0, >= 2.0.2)
    ast (2.4.2)
    buftok (0.2.0)
    cabin (0.9.0)
    clamp (1.1.1)
    coderay (1.1.1)
    diff_parser (1.3.7)
    elasticsearch (5.0.1)
      elasticsearch-api (= 5.0.1)
      elasticsearch-transport (= 5.0.1)
    elasticsearch-api (5.0.1)
      multi_json
    elasticsearch-transport (5.0.1)
      faraday
      multi_json
    faraday (0.11.0)
      multipart-post (>= 1.2, < 3)
    method_source (0.8.2)
    multi_json (1.12.1)
    multipart-post (2.0.0)
    netrc (0.11.0)
    octokit (4.6.2)
      sawyer (~> 0.8.0, >= 0.5.3)
    parser (2.7.2.0)
      ast (~> 2.4.1)
    powerpack (0.1.3)
    pry (0.10.4)
      coderay (~> 1.1.0)
      method_source (~> 0.8.1)
      slop (~> 3.4)
    public_suffix (2.0.5)
    rainbow (2.2.2)
      rake
    rake (13.0.6)
    rubocop (0.48.1)
      parser (>= 2.3.3.1, < 3.0)
      powerpack (~> 0.1)
      rainbow (>= 1.99.1, < 3.0)
      ruby-progressbar (~> 1.7)
      unicode-display_width (~> 1.0, >= 1.0.1)
    ruby-progressbar (1.11.0)
    sawyer (0.8.1)
      addressable (>= 2.3.5, < 2.6)
      faraday (~> 0.8, < 1.0)
    slop (3.6.0)
    stud (0.0.22)
    unicode-display_width (1.8.0)

PLATFORMS
  ruby

DEPENDENCIES
  buftok
  cabin
  clamp
  diff_parser
  elasticsearch
  netrc
  octokit
  pry
  rubocop
  stud

BUNDLED WITH
   1.11.2
